GIT
  remote: https://github.com/errm/slodd.git
  revision: 784b03ba50b6370ff00086ded4d582f43f3bb8aa
  specs:
    slodd (0.1.5)
      activerecord
      mysql2

GEM
  remote: https://rubygems.org/
  specs:
    activemodel (5.0.0)
      activesupport (= 5.0.0)
    activerecord (5.0.0)
      activemodel (= 5.0.0)
      activesupport (= 5.0.0)
      arel (~> 7.0)
    activesupport (5.0.0)
      concurrent-ruby (~> 1.0, >= 1.0.2)
      i18n (~> 0.7)
      minitest (~> 5.1)
      tzinfo (~> 1.1)
    arel (7.0.0)
    concurrent-ruby (1.0.2)
    i18n (0.7.0)
    minitest (5.9.0)
    mysql2 (0.4.4)
    thread_safe (0.3.5)
    tzinfo (1.2.2)
      thread_safe (~> 0.1)

PLATFORMS
  ruby

DEPENDENCIES
  slodd!

BUNDLED WITH
   1.12.5
